PATH
  remote: .
  specs:
    nanoc-handlebars (1.0.0)
      handlebars
      nanoc-core

GEM
  remote: https://rubygems.org/
  specs:
    commonjs (0.2.6)
    handlebars (0.4.0)
      commonjs (~> 0.2.3)
      therubyracer (~> 0.11.1)
    libv8 (3.11.8.17)
    minitest (5.0.6)
    nanoc-core (4.0.0a1)
    rake (10.1.0)
    ref (1.0.5)
    therubyracer (0.11.4)
      libv8 (~> 3.11.8.12)
      ref

PLATFORMS
  ruby

DEPENDENCIES
  bundler
  minitest
  nanoc-handlebars!
  rake
